GEM
  remote: https://rubygems.org/
  specs:
    byebug (11.0.0)
    coderay (1.1.2)
    method_source (0.9.2)
    pry (0.12.2)
      coderay (~> 1.1.0)
      method_source (~> 0.9.0)
    ruby2d (0.8.1)

PLATFORMS
  ruby

DEPENDENCIES
  byebug
  pry
  ruby2d

BUNDLED WITH
   1.17.3
